GEM
  remote: https://rubygems.org/
  specs:
    bson (2.2.1)
    json (1.8.1)
    mini_portile (0.5.2)
    mongo (1.3.1)
      bson (>= 1.3.1)
    nokogiri (1.6.1)
      mini_portile (~> 0.5.0)
    ox (2.1.1)

PLATFORMS
  ruby

DEPENDENCIES
  bson
  json
  mongo
  nokogiri
  ox
