GEM
  remote: https://rubygems.org/
  specs:
    bson (1.9.2)
    json (1.8.1)
    mongo (1.9.2)
      bson (~> 1.9.2)
    ox (2.1.1)
    trollop (2.0)

PLATFORMS
  ruby

DEPENDENCIES
  bson
  json
  mongo (~> 1.9.2)
  ox
  trollop
